GEM
  remote: https://rubygems.org/
  specs:
    minitest (5.14.0)
    rake (12.3.3)
    timecop (0.9.1)

PLATFORMS
  ruby

DEPENDENCIES
  minitest (~> 5.4)
  rake (~> 12.3)
  timecop (~> 0.9)

BUNDLED WITH
   1.17.2
