GEM
  remote: https://rubygems.org/
  specs:
    minitest (5.4.0)
    rake (10.1.0)
    timecop (0.7.1)

PLATFORMS
  ruby

DEPENDENCIES
  minitest (~> 5.4)
  rake
  timecop (~> 0.7)
